GEM
  specs:
    faraday (2.13.4)
      faraday-net_http (>= 2.0, < 3.5)
      json
      logger
    faraday-net_http (3.4.1)
      net-http (>= 0.5.0)
    faraday-retry (2.3.2)
      faraday (~> 2.0)
    json (2.9.1)
    logger (1.6.4)
    net-http (0.6.0)
      uri
    uri (1.0.2)

PLATFORMS
  ruby
  x86_64-linux

DEPENDENCIES
  faraday (~> 2.0)
  faraday-retry

BUNDLED WITH
   2.7.1
